FRAMEWORK: NET45
NUGET
  remote: https://api.nuget.org/v3/index.json
    Amazingant.FSharp.TypeExpansion (1.0.2)
      FSharp.Core (4.1)
    FAKE (4.39.1)
    FSharp.Core (4.1)
      System.ValueTuple (>= 4.3)
    System.ValueTuple (4.3)
