NUGET
  remote: https://api.nuget.org/v3/index.json
    Amazingant.FSharp.TypeExpansion (0.8)
      FSharp.Core (4.0.0.1)
    FSharp.Core (4.0.0.1)
    FAKE (4.39.1)
