NUGET
  remote: http://api.nuget.org/v3/index.json
    Amazingant.FSharp.TypeExpansion (0.4.1)
    FAKE (4.39.1)
