RESTRICTION: == net45
NUGET
  remote: https://api.nuget.org/v3/index.json
    Amazingant.FSharp.TypeExpansion (2.2.1)
      FSharp.Core (>= 4.1 < 5.0)
    FAKE (4.39.1)
    FSharp.Core (4.7.0)
